GEM
  remote: http://rubygems.org/
  specs:
    actionmailer (2.3.8)
      actionpack (= 2.3.8)
    actionpack (2.3.8)
      activesupport (= 2.3.8)
      rack (~> 1.1.0)
    activemerchant (1.7.0)
      activesupport (~> 2.3.2)
      braintree (>= 2.0.0)
      builder (>= 2.0.0)
    activerecord (2.3.8)
      activesupport (= 2.3.8)
    activerecord-tableless (0.1.0)
      activerecord
    activeresource (2.3.8)
      activesupport (= 2.3.8)
    activesupport (2.3.8)
    authlogic (2.1.6)
      activesupport
    authlogic-oid (1.0.4)
      authlogic
    braintree (2.5.0)
      builder
    builder (2.1.2)
    chronic (0.2.3)
      hoe (>= 1.2.1)
    crack (0.1.8)
    factory_girl (1.2.3)
    faker (0.3.1)
    highline (1.5.1)
    hoe (2.6.2)
      rake (>= 0.8.7)
      rubyforge (>= 2.0.4)
    httparty (0.6.1)
      crack (= 0.1.8)
    i18n (0.4.1)
    json_pure (1.4.6)
    less (1.2.20)
      mutter (>= 0.4.2)
      treetop (>= 1.4.2)
    mutter (0.5.3)
    paperclip (2.3.1.1)
    pg (0.9.0)
    polyglot (0.3.1)
    rack (1.1.0)
    rails (2.3.8)
      actionmailer (= 2.3.8)
      actionpack (= 2.3.8)
      activerecord (= 2.3.8)
      activeresource (= 2.3.8)
      activesupport (= 2.3.8)
      rake (>= 0.8.3)
    rake (0.8.7)
    rspec (1.3.0)
    ruby-openid (2.1.8)
    rubyforge (2.0.4)
      json_pure (>= 1.1.7)
    searchlogic (2.3.5)
      activerecord (>= 2.0.0)
    shoulda (2.10.2)
    state_machine (0.9.2)
    stringex (1.0.3)
    treetop (1.4.8)
      polyglot (>= 0.3.1)
    utility_drawer (0.1.5)
    whenever (0.3.7)
      chronic (>= 0.2.3)
    will_paginate (2.3.14)

PLATFORMS
  ruby

DEPENDENCIES
  activemerchant (= 1.7.0)
  activerecord-tableless (= 0.1.0)
  authlogic (>= 2.1.3)
  authlogic-oid (= 1.0.4)
  chronic (= 0.2.3)
  factory_girl (= 1.2.3)
  faker (= 0.3.1)
  highline (= 1.5.1)
  httparty
  i18n
  less (= 1.2.20)
  paperclip (= 2.3.1.1)
  pg
  rails (= 2.3.8)
  rspec
  ruby-openid (>= 2.0.4)
  searchlogic (= 2.3.5)
  shoulda (= 2.10.2)
  state_machine (= 0.9.2)
  stringex (= 1.0.3)
  utility_drawer
  whenever (= 0.3.7)
  will_paginate (= 2.3.14)
